PATH
  remote: .
  specs:
    heroku-rails (0.4.2)
      heroku (>= 2.24.1)

GEM
  remote: http://rubygems.org/
  specs:
    ZenTest (4.7.0)
    addressable (2.2.7)
    autotest (4.4.6)
      ZenTest (>= 4.4.1)
    diff-lcs (1.1.3)
    growl-glue (1.0.7)
    heroku (2.24.1)
      launchy (>= 0.3.2)
      netrc (~> 0.7.1)
      rest-client (~> 1.6.1)
      rubyzip
    launchy (2.1.0)
      addressable (~> 2.2.6)
    mime-types (1.18)
    netrc (0.7.1)
    rake (0.8.7)
    rest-client (1.6.7)
      mime-types (>= 1.16)
    rspec (2.9.0)
      rspec-core (~> 2.9.0)
      rspec-expectations (~> 2.9.0)
      rspec-mocks (~> 2.9.0)
    rspec-core (2.9.0)
    rspec-expectations (2.9.1)
      diff-lcs (~> 1.1.3)
    rspec-mocks (2.9.0)
    rubyzip (0.9.7)

PLATFORMS
  ruby

DEPENDENCIES
  autotest
  growl-glue
  heroku-rails!
  rake (= 0.8.7)
  rspec (~> 2.0)
